PATH
  remote: .
  specs:
    duckdb (0.8.0)

GEM
  remote: https://rubygems.org/
  specs:
    benchmark-ips (2.12.0)
    minitest (5.18.0)
    rake (13.0.6)
    rake-compiler (1.2.1)
      rake
    stackprof (0.2.24)

PLATFORMS
  ruby
  x86_64-linux

DEPENDENCIES
  benchmark-ips
  bundler (~> 2.3)
  duckdb!
  minitest (~> 5.0)
  rake (~> 13.0)
  rake-compiler
  stackprof
