PATH
  remote: .
  specs:
    duckdb (0.6.1)

GEM
  remote: https://rubygems.org/
  specs:
    minitest (5.16.3)
    rake (13.0.6)
    rake-compiler (1.2.0)
      rake

PLATFORMS
  ruby
  x86_64-linux

DEPENDENCIES
  bundler (~> 2.3)
  duckdb!
  minitest (~> 5.0)
  rake (~> 13.0)
  rake-compiler

BUNDLED WITH
   2.3.22
