PATH
  remote: .
  specs:
    duckdb (0.7.1)

GEM
  remote: https://rubygems.org/
  specs:
    minitest (5.17.0)
    rake (13.0.6)
    rake-compiler (1.2.1)
      rake

PLATFORMS
  ruby
  x86_64-linux

DEPENDENCIES
  bundler (~> 2.3)
  duckdb!
  minitest (~> 5.0)
  rake (~> 13.0)
  rake-compiler
