PATH
  remote: .
  specs:
    duckdb (0.9.0.1)

GEM
  remote: https://rubygems.org/
  specs:
    benchmark-ips (2.12.0)
    mini_portile2 (2.8.4)
    minitest (5.20.0)
    nokogiri (1.15.4)
      mini_portile2 (~> 2.8.2)
      racc (~> 1.4)
    nokogiri (1.15.4-x86_64-linux)
      racc (~> 1.4)
    racc (1.7.1)
    rake (13.0.6)
    rake-compiler (1.2.5)
      rake
    ruby_memcheck (2.2.0)
      nokogiri
    stackprof (0.2.25)

PLATFORMS
  ruby
  x86_64-linux

DEPENDENCIES
  benchmark-ips
  bundler (~> 2.3)
  duckdb!
  minitest (~> 5.0)
  rake (~> 13.0)
  rake-compiler
  ruby_memcheck
  stackprof

BUNDLED WITH
   2.4.17
