PATH
  remote: .
  specs:
    duckdb (0.8.1)

GEM
  remote: https://rubygems.org/
  specs:
    benchmark-ips (2.12.0)
    mini_portile2 (2.8.2)
    minitest (5.18.1)
    nokogiri (1.15.2)
      mini_portile2 (~> 2.8.2)
      racc (~> 1.4)
    nokogiri (1.15.2-x86_64-linux)
      racc (~> 1.4)
    racc (1.7.1)
    rake (13.0.6)
    rake-compiler (1.2.3)
      rake
    ruby_memcheck (1.3.2)
      nokogiri
    stackprof (0.2.25)

PLATFORMS
  ruby
  x86_64-linux

DEPENDENCIES
  benchmark-ips
  bundler (~> 2.3)
  duckdb!
  minitest (~> 5.0)
  rake (~> 13.0)
  rake-compiler
  ruby_memcheck
  stackprof

BUNDLED WITH
   2.4.10
