PATH
  remote: .
  specs:
    duckdb (1.1.3.1)
      bigdecimal (>= 3.1.4)

GEM
  remote: https://rubygems.org/
  specs:
    benchmark-ips (2.14.0)
    bigdecimal (3.1.9)
    minitest (5.25.4)
    nokogiri (1.18.0-aarch64-linux-gnu)
      racc (~> 1.4)
    nokogiri (1.18.0-aarch64-linux-musl)
      racc (~> 1.4)
    nokogiri (1.18.0-arm-linux-gnu)
      racc (~> 1.4)
    nokogiri (1.18.0-arm-linux-musl)
      racc (~> 1.4)
    nokogiri (1.18.0-arm64-darwin)
      racc (~> 1.4)
    nokogiri (1.18.0-x86_64-darwin)
      racc (~> 1.4)
    nokogiri (1.18.0-x86_64-linux-gnu)
      racc (~> 1.4)
    nokogiri (1.18.0-x86_64-linux-musl)
      racc (~> 1.4)
    racc (1.8.1)
    rake (13.2.1)
    rake-compiler (1.2.8)
      rake
    ruby_memcheck (3.0.0)
      nokogiri
    stackprof (0.2.26)

PLATFORMS
  aarch64-linux-gnu
  aarch64-linux-musl
  arm-linux-gnu
  arm-linux-musl
  arm64-darwin
  x86_64-darwin
  x86_64-linux-gnu
  x86_64-linux-musl
  x64-mingw-ucrt
  x64-mingw32
  x64-mswin64-140
  mswin

DEPENDENCIES
  benchmark-ips
  bundler (~> 2.3)
  duckdb!
  minitest (~> 5.0)
  rake (~> 13.0)
  rake-compiler
  ruby_memcheck
  stackprof

BUNDLED WITH
   2.6.2
