PATH
  remote: .
  specs:
    duckdb (0.10.1.1)
      bigdecimal (>= 3.1.4)

GEM
  remote: https://rubygems.org/
  specs:
    benchmark-ips (2.13.0)
    bigdecimal (3.1.7)
    mini_portile2 (2.8.5)
    minitest (5.22.3)
    nokogiri (1.16.3)
      mini_portile2 (~> 2.8.2)
      racc (~> 1.4)
    nokogiri (1.16.3-x86_64-linux)
      racc (~> 1.4)
    racc (1.7.3)
    rake (13.1.0)
    rake-compiler (1.2.7)
      rake
    ruby_memcheck (2.3.0)
      nokogiri
    stackprof (0.2.26)

PLATFORMS
  ruby
  x86_64-linux

DEPENDENCIES
  benchmark-ips
  bundler (~> 2.3)
  duckdb!
  minitest (~> 5.0)
  rake (~> 13.0)
  rake-compiler
  ruby_memcheck
  stackprof

BUNDLED WITH
   2.5.3
